GEM
  remote: http://rubygems.org/
  specs:
    hologram (1.1.0)
      pygments.rb (~> 0.4)
      redcarpet (~> 2.2)
    posix-spawn (0.3.8)
    pygments.rb (0.6.0)
      posix-spawn (~> 0.3.6)
      yajl-ruby (~> 1.1.0)
    redcarpet (2.3.0)
    yajl-ruby (1.1.0)

PLATFORMS
  ruby

DEPENDENCIES
  hologram
